PATH
  remote: .
  specs:
    active_pdftk (0.1.0)
      builder (>= 2.1.2)

GEM
  remote: http://rubygems.org/
  specs:
    builder (3.2.2)
    diff-lcs (1.2.5)
    fuubar (1.3.3)
      rspec (>= 2.14.0, < 3.1.0)
      ruby-progressbar (~> 1.4)
    rake (10.3.2)
    rspec (2.14.1)
      rspec-core (~> 2.14.0)
      rspec-expectations (~> 2.14.0)
      rspec-mocks (~> 2.14.0)
    rspec-core (2.14.8)
    rspec-expectations (2.14.5)
      diff-lcs (>= 1.1.3, < 2.0)
    rspec-mocks (2.14.6)
    ruby-progressbar (1.7.0)
    yard (0.8.7.6)

PLATFORMS
  ruby

DEPENDENCIES
  active_pdftk!
  fuubar
  rake (>= 0.8.7)
  rspec (~> 2.14.0)
  yard
