PATH
  remote: .
  specs:
    pdftk_forms (0.1.0)
      builder (>= 2.1.2)

GEM
  remote: http://rubygems.org/
  specs:
    builder (3.0.0)
    diff-lcs (1.1.2)
    rspec (2.5.0)
      rspec-core (~> 2.5.0)
      rspec-expectations (~> 2.5.0)
      rspec-mocks (~> 2.5.0)
    rspec-core (2.5.1)
    rspec-expectations (2.5.0)
      diff-lcs (~> 1.1.2)
    rspec-mocks (2.5.0)

PLATFORMS
  ruby

DEPENDENCIES
  pdftk_forms!
  rspec (~> 2.5.0)
