PATH
  remote: .
  specs:
    active_pdftk (0.1.0)
      builder (>= 2.1.2)

GEM
  remote: http://rubygems.org/
  specs:
    builder (3.0.0)
    diff-lcs (1.1.2)
    fuubar (0.0.5)
      rspec (~> 2.0)
      rspec-instafail (~> 0.1.4)
      ruby-progressbar (~> 0.0.10)
    rake (13.0.1)
    rspec (2.6.0)
      rspec-core (~> 2.6.0)
      rspec-expectations (~> 2.6.0)
      rspec-mocks (~> 2.6.0)
    rspec-core (2.6.4)
    rspec-expectations (2.6.0)
      diff-lcs (~> 1.1.2)
    rspec-instafail (0.1.8)
    rspec-mocks (2.6.0)
    ruby-progressbar (0.0.10)
    yard (0.7.2)

PLATFORMS
  ruby

DEPENDENCIES
  active_pdftk!
  fuubar
  rake (>= 0.8.7)
  rspec (~> 2.6.0)
  yard
